GEM
  remote: https://rubygems.org/
  specs:
    addressable (2.3.6)
    buftok (0.2.0)
    coderay (1.1.0)
    curb (0.8.5)
    equalizer (0.0.9)
    faraday (0.9.0)
      multipart-post (>= 1.2, < 3)
    geokit (1.8.5)
      multi_json (>= 1.3.2)
    htmlentities (4.3.2)
    http (0.6.1)
      http_parser.rb (~> 0.6.0)
    http_parser.rb (0.6.0)
    json (1.8.1)
    launchy (2.4.2)
      addressable (~> 2.3)
    memoizable (0.4.2)
      thread_safe (~> 0.3, >= 0.3.1)
    method_source (0.8.2)
    multi_json (1.10.1)
    multipart-post (2.0.0)
    naught (1.0.0)
    oauth (0.4.7)
    pry (0.10.0)
      coderay (~> 1.1.0)
      method_source (~> 0.8.1)
      slop (~> 3.4)
    retryable (1.3.5)
    simple_oauth (0.2.0)
    slop (3.5.0)
    t (2.7.0)
      geokit (>= 1.8.3, < 2)
      htmlentities (~> 4.3)
      launchy (~> 2.4)
      oauth (~> 0.4.7)
      retryable (~> 1.3)
      thor (>= 0.19.1, < 2)
      twitter (~> 5.11)
    thor (0.19.1)
    thread_safe (0.3.4)
    twitter (5.11.0)
      addressable (~> 2.3)
      buftok (~> 0.2.0)
      equalizer (~> 0.0.9)
      faraday (~> 0.9.0)
      http (~> 0.6.0)
      http_parser.rb (~> 0.6.0)
      json (~> 1.8)
      memoizable (~> 0.4.0)
      naught (~> 1.0)
      simple_oauth (~> 0.2.0)

PLATFORMS
  ruby

DEPENDENCIES
  curb
  pry
  t
